GEM
  remote: https://rubygems.org/
  specs:
    Backtrace_Array (0.1.0)
      Split_Lines
    Bacon_Colored (0.1.3)
      bacon (~> 1.0)
      colored
    Bacon_Rack (0.2.2)
    Dex (0.4.4)
      Backtrace_Array
      chronic_duration
      sequel
      sqlite3
      term-ansicolor
      terminal-table
      trollop
    Split_Lines (1.0.0)
    addressable (2.3.6)
    bacon (1.2.0)
    chronic_duration (0.10.5)
      numerizer (~> 0.1.1)
    coderay (1.1.0)
    colored (1.2)
    cuba (3.3.0)
      rack
    daemons (1.1.9)
    dotenv (0.11.1)
      dotenv-deployment (~> 0.0.2)
    dotenv-deployment (0.0.2)
    eventmachine (1.0.3)
    foreman (0.74.0)
      dotenv (~> 0.11.1)
      thor (~> 0.19.1)
    kgio (2.9.2)
    launchy (2.4.2)
      addressable (~> 2.3)
    method_source (0.8.2)
    mime-types (2.3)
    mustache (0.99.6)
    netrc (0.7.7)
    numerizer (0.1.1)
    pry (0.10.1)
      coderay (~> 1.1.0)
      method_source (~> 0.8.1)
      slop (~> 3.4)
    rack (1.5.2)
    rack-protection (1.5.3)
      rack
    rack-test (0.6.2)
      rack (>= 1.0)
    raindrops (0.13.0)
    rake (10.3.2)
    rest-client (1.7.2)
      mime-types (>= 1.16, < 3.0)
      netrc (~> 0.7)
    rush (0.6.8)
      session
    sequel (4.13.0)
    session (3.2.0)
    shotgun (0.9)
      rack (>= 1.0)
    sinatra (1.4.5)
      rack (~> 1.4)
      rack-protection (~> 1.4)
      tilt (~> 1.3, >= 1.3.4)
    slop (3.6.0)
    sqlite3 (1.3.9)
    term-ansicolor (1.3.0)
      tins (~> 1.0)
    terminal-table (1.4.5)
    thin (1.6.2)
      daemons (>= 1.0.9)
      eventmachine (>= 1.0.0)
      rack (>= 1.0.0)
    thor (0.19.1)
    tilt (1.4.1)
    tins (1.3.2)
    trollop (2.0)
    unicorn (4.8.3)
      kgio (~> 2.6)
      rack
      raindrops (~> 0.7)

PLATFORMS
  ruby

DEPENDENCIES
  Bacon_Colored
  Bacon_Rack
  Dex
  cuba
  foreman
  launchy
  mustache
  pry
  rack-protection
  rack-test
  rake
  rest-client
  rush
  shotgun
  sinatra
  term-ansicolor
  thin
  unicorn
