GEM
  remote: https://rubygems.org/
  specs:
    Bacon_Colored (0.1.3)
      bacon (~> 1.0)
      colored
    Bacon_Rack (0.2.2)
    bacon (1.2.0)
    coderay (1.1.0)
    colored (1.2)
    da99_rack_middleware (1.0.1)
      rack-protection (> 1.5)
    dotenv (0.11.1)
      dotenv-deployment (~> 0.0.2)
    dotenv-deployment (0.0.2)
    foreman (0.74.0)
      dotenv (~> 0.11.1)
      thor (~> 0.19.1)
    kgio (2.9.2)
    method_source (0.8.2)
    mustache (0.99.6)
    pry (0.10.1)
      coderay (~> 1.1.0)
      method_source (~> 0.8.1)
      slop (~> 3.4)
    rack (1.5.2)
    rack-protection (1.5.3)
      rack
    raindrops (0.13.0)
    sinatra (1.4.5)
      rack (~> 1.4)
      rack-protection (~> 1.4)
      tilt (~> 1.3, >= 1.3.4)
    slop (3.6.0)
    thor (0.19.1)
    tilt (1.4.1)
    unicorn (4.8.3)
      kgio (~> 2.6)
      rack
      raindrops (~> 0.7)

PLATFORMS
  ruby

DEPENDENCIES
  Bacon_Colored
  Bacon_Rack
  da99_rack_middleware
  foreman
  mustache
  pry
  sinatra
  unicorn
