GEM
  remote: https://rubygems.org/
  specs:
    Bacon_Colored (0.1.4)
      bacon (~> 1.0)
      colored
    about_pos (2.0.0)
    addressable (2.3.8)
    bacon (1.2.0)
    boxomojo (2.0.0)
    coderay (1.1.0)
    colored (1.2)
    crass (1.0.2)
    dot_why (2.1.1)
      erector (~> 0)
    duck_duck_duck (3.0.0)
    erector (0.10.0)
      treetop (>= 1.2.3)
    escape_escape_escape (1.7.0)
      addressable (> 2.3.5)
      escape_utils (> 1.0.0)
      htmlentities (>= 4.3.2)
      multi_json (> 1.10.0)
      oj (> 2.10.1)
      unf (> 0.1.3)
    escape_utils (1.1.0)
    htmlentities (4.3.3)
    i_dig_sql (4.0.0)
      boxomojo (> 1.0.1)
    method_source (0.8.2)
    mini_portile (0.6.2)
    moron_text (1.1.1)
      about_pos (>= 2.0.0)
    multi_json (1.11.1)
    mustache (1.0.2)
    nokogiri (1.6.6.2)
      mini_portile (~> 0.6.0)
    nokogumbo (1.4.1)
      nokogiri
    oj (2.12.9)
    polyglot (0.3.5)
    pry (0.10.1)
      coderay (~> 1.1.0)
      method_source (~> 0.8.1)
      slop (~> 3.4)
    rouge (1.9.0)
    sanitize (4.0.0)
      crass (~> 1.0.2)
      nokogiri (>= 1.4.4)
      nokogumbo (= 1.4.1)
    slop (3.6.0)
    touch_up (3.0.1)
      escape_escape_escape (> 1.4.0)
      twitter-text (>= 1.11.0)
    treetop (1.6.3)
      polyglot (~> 0.3)
    twitter-text (1.12.0)
      unf (~> 0.1.0)
    unf (0.1.4)
      unf_ext
    unf_ext (0.0.7.1)
    unindent (1.0)
    www_app (2.3.0)
      escape_escape_escape (>= 1.4.2)
      mustache (>= 0.99)
      yajl-ruby (>= 1.2)
    yajl-ruby (1.2.1)

PLATFORMS
  ruby

DEPENDENCIES
  Bacon_Colored
  bacon
  dot_why
  duck_duck_duck
  escape_utils
  htmlentities
  i_dig_sql
  moron_text
  mustache
  pry
  rouge
  sanitize
  touch_up
  unindent
  www_app
