GEM
  remote: https://rubygems.org/
  specs:
    Bacon_Colored (0.1.4)
      bacon (~> 1.0)
      colored
    RedCloth (4.2.9)
    about_pos (2.0.0)
    addressable (2.3.7)
    bacon (1.2.0)
    coderay (1.1.0)
    colored (1.2)
    content-security-policy (0.1.3)
      rack (~> 1.4)
    crass (1.0.1)
    cuba (3.4.0)
      rack
    da99_rack_protect (3.1.1)
      rack-protection (> 1.5)
    domain_name (0.5.23)
      unf (>= 0.0.5, < 1.0.0)
    dot_why (2.1.1)
      erector (~> 0)
    duck_duck_duck (2.0.0)
    erector (0.10.0)
      treetop (>= 1.2.3)
    escape_escape_escape (1.4.4)
      addressable (> 2.3.5)
      escape_utils (> 1.0.0)
      htmlentities (>= 4.3.2)
      multi_json (> 1.10.0)
      oj (> 2.10.1)
      unf (> 0.1.3)
    escape_utils (1.0.1)
    foreman (0.78.0)
      thor (~> 0.19.1)
    htmlentities (4.3.3)
    http-cookie (1.0.2)
      domain_name (~> 0.5)
    i_dig_sql (0.1.1)
    mechanize (2.7.3)
      domain_name (~> 0.5, >= 0.5.1)
      http-cookie (~> 1.0)
      mime-types (~> 2.0)
      net-http-digest_auth (~> 1.1, >= 1.1.1)
      net-http-persistent (~> 2.5, >= 2.5.2)
      nokogiri (~> 1.4)
      ntlm-http (~> 0.1, >= 0.1.1)
      webrobots (>= 0.0.9, < 0.2)
    method_source (0.8.2)
    mime-types (2.4.3)
    mini_portile (0.6.2)
    moron_text (1.1.1)
      about_pos (>= 2.0.0)
    multi_json (1.11.0)
    mustache (1.0.1)
    net-http-digest_auth (1.4)
    net-http-persistent (2.9.4)
    nokogiri (1.6.6.2)
      mini_portile (~> 0.6.0)
    nokogumbo (1.2.0)
      nokogiri
    ntlm-http (0.1.1)
    oj (2.12.1)
    passenger (5.0.4)
      rack
      rake (>= 0.8.1)
    pg (0.18.1)
    polyglot (0.3.5)
    pry (0.10.1)
      coderay (~> 1.1.0)
      method_source (~> 0.8.1)
      slop (~> 3.4)
    rack (1.6.0)
    rack-contrib (1.2.0)
      rack (>= 0.9.1)
    rack-protection (1.5.3)
      rack
    rack_csrf (2.5.0)
      rack (>= 1.1.0)
    rake (10.4.2)
    sanitize (3.1.2)
      crass (~> 1.0.1)
      nokogiri (>= 1.4.4)
      nokogumbo (= 1.2.0)
    sequel (4.20.0)
    slop (3.6.0)
    thor (0.19.1)
    touch_up (3.0.1)
      escape_escape_escape (> 1.4.0)
      twitter-text (>= 1.11.0)
    treetop (1.5.3)
      polyglot (~> 0.3)
    twitter-text (1.11.0)
      unf (~> 0.1.0)
    unf (0.1.4)
      unf_ext
    unf_ext (0.0.6)
    webrobots (0.1.1)
    www_app (2.1.1)
      escape_escape_escape (>= 1.4.2)
      mustache (>= 0.99)
      yajl-ruby (>= 1.2)
    yajl-ruby (1.2.1)

PLATFORMS
  ruby

DEPENDENCIES
  Bacon_Colored
  RedCloth
  addressable
  bacon
  content-security-policy
  cuba
  da99_rack_protect (> 2.2.2)
  dot_why
  duck_duck_duck
  escape_utils
  foreman
  htmlentities
  i_dig_sql
  mechanize
  moron_text
  multi_json
  mustache
  passenger
  pg
  pry
  rack-contrib
  rack_csrf
  sanitize
  sequel
  touch_up
  www_app
  yajl-ruby
