GEM
  remote: http://rubygems.org/
  specs:
    addressable (2.2.7)
    daemons (1.1.8)
    eventmachine (0.12.10)
    fattr (2.2.1)
    launchy (2.1.0)
      addressable (~> 2.2.6)
    mime-types (1.18)
    rack (1.4.1)
    rack-protection (1.2.0)
      rack
    rake (0.9.2.2)
    rest-client (1.6.7)
      mime-types (>= 1.16)
    rush (0.6.8)
      session
    session (3.1.0)
      fattr
    shotgun (0.9)
      rack (>= 1.0)
    sinatra (1.3.2)
      rack (~> 1.3, >= 1.3.6)
      rack-protection (~> 1.2)
      tilt (~> 1.3, >= 1.3.3)
    term-ansicolor (1.0.7)
    thin (1.3.1)
      daemons (>= 1.0.9)
      eventmachine (>= 0.12.6)
      rack (>= 1.0.0)
    tilt (1.3.3)

PLATFORMS
  ruby

DEPENDENCIES
  launchy
  rake
  rest-client
  rush
  shotgun
  sinatra
  term-ansicolor
  thin
