GEM
  remote: https://rubygems.org/
  specs:
    duck_duck_duck (3.1.1)
    pg (0.18.3)
    sequel (4.27.0)

PLATFORMS
  ruby

DEPENDENCIES
  duck_duck_duck
  pg
  sequel

BUNDLED WITH
   1.10.6
