GEM
  remote: https://rubygems.org/
  specs:
    Bacon_Colored (0.1.2)
      bacon
      colored
    Jam_Func (0.1.1)
    active_support (3.0.0)
      activesupport (= 3.0.0)
    activesupport (3.0.0)
    addressable (2.3.5)
    backports (3.3.3)
    bacon (1.2.0)
    colored (1.2)
    content-security-policy (0.1.3)
      rack (~> 1.4)
    domain_name (0.5.13)
      unf (>= 0.0.5, < 1.0.0)
    dot_why (2.0.3)
      active_support
      erector
    erector (0.9.0)
      treetop (>= 1.2.3)
    escape_utils (0.3.2)
    htmlentities (4.3.1)
    http-cookie (1.0.1)
      domain_name (~> 0.5)
    kgio (2.8.0)
    mechanize (2.7.2)
      domain_name (~> 0.5, >= 0.5.1)
      http-cookie (~> 1.0.0)
      mime-types (~> 1.17, >= 1.17.2)
      net-http-digest_auth (~> 1.1, >= 1.1.1)
      net-http-persistent (~> 2.5, >= 2.5.2)
      nokogiri (~> 1.4)
      ntlm-http (~> 0.1, >= 0.1.1)
      webrobots (>= 0.0.9, < 0.2)
    mime-types (1.24)
    mini_portile (0.5.1)
    multi_json (1.7.9)
    mustache (0.99.4)
    net-http-digest_auth (1.4)
    net-http-persistent (2.9)
    nokogiri (1.6.0)
      mini_portile (~> 0.5.0)
    ntlm-http (0.1.1)
    pg (0.16.0)
    polyglot (0.3.3)
    rack (1.5.2)
    rack-contrib (1.1.0)
      rack (>= 0.9.1)
    rack-protection (1.5.0)
      rack
    rack-test (0.6.2)
      rack (>= 1.0)
    rack_csrf (2.4.0)
      rack (>= 0.9)
    raindrops (0.11.0)
    sanitize (2.0.6)
      nokogiri (>= 1.4.4)
    sequel (4.1.1)
    sinatra (1.4.3)
      rack (~> 1.4)
      rack-protection (~> 1.4)
      tilt (~> 1.3, >= 1.3.4)
    sinatra-contrib (1.4.1)
      backports (>= 2.0)
      multi_json
      rack-protection
      rack-test
      sinatra (~> 1.4.0)
      tilt (~> 1.3)
    tilt (1.4.1)
    treetop (1.4.15)
      polyglot
      polyglot (>= 0.3.1)
    unf (0.1.2)
      unf_ext
    unf_ext (0.0.6)
    unicorn (4.6.3)
      kgio (~> 2.6)
      rack
      raindrops (~> 0.7)
    webrobots (0.1.1)

PLATFORMS
  ruby

DEPENDENCIES
  Bacon_Colored
  Jam_Func
  addressable
  bacon
  content-security-policy
  dot_why
  escape_utils
  htmlentities
  mechanize
  multi_json
  mustache
  pg
  rack-contrib
  rack_csrf
  sanitize
  sequel
  sinatra
  sinatra-contrib
  unicorn
