GEM
  remote: https://rubygems.org/
  specs:
    Jam_Func (0.1.1)
    active_support (3.0.0)
      activesupport (= 3.0.0)
    activesupport (3.0.0)
    content-security-policy (0.1.3)
      rack (~> 1.4)
    dot_why (0.1.0)
      active_support
      erector
    erector (0.9.0)
      treetop (>= 1.2.3)
    escape_utils (0.3.2)
    kgio (2.8.0)
    mustache (0.99.4)
    pg (0.16.0)
    polyglot (0.3.3)
    rack (1.5.2)
    rack-protection (1.5.0)
      rack
    raindrops (0.11.0)
    sequel (4.1.1)
    sinatra (1.4.3)
      rack (~> 1.4)
      rack-protection (~> 1.4)
      tilt (~> 1.3, >= 1.3.4)
    tilt (1.4.1)
    treetop (1.4.15)
      polyglot
      polyglot (>= 0.3.1)
    unicorn (4.6.3)
      kgio (~> 2.6)
      rack
      raindrops (~> 0.7)

PLATFORMS
  ruby

DEPENDENCIES
  Jam_Func
  content-security-policy
  dot_why
  escape_utils
  mustache
  pg
  sequel
  sinatra
  unicorn
